GEM
  remote: https://rubygems.org/
  specs:
    actioncable (7.0.4)
      actionpack (= 7.0.4)
      activesupport (= 7.0.4)
      nio4r (~> 2.0)
      websocket-driver (>= 0.6.1)
    actionmailbox (7.0.4)
      actionpack (= 7.0.4)
      activejob (= 7.0.4)
      activerecord (= 7.0.4)
      activestorage (= 7.0.4)
      activesupport (= 7.0.4)
      mail (>= 2.7.1)
      net-imap
      net-pop
      net-smtp
    actionmailer (7.0.4)
      actionpack (= 7.0.4)
      actionview (= 7.0.4)
      activejob (= 7.0.4)
      activesupport (= 7.0.4)
      mail (~> 2.5, >= 2.5.4)
      net-imap
      net-pop
      net-smtp
      rails-dom-testing (~> 2.0)
    actionpack (7.0.4)
      actionview (= 7.0.4)
      activesupport (= 7.0.4)
      rack (~> 2.0, >= 2.2.0)
      rack-test (>= 0.6.3)
      rails-dom-testing (~> 2.0)
      rails-html-sanitizer (~> 1.0, >= 1.2.0)
    actiontext (7.0.4)
      actionpack (= 7.0.4)
      activerecord (= 7.0.4)
      activestorage (= 7.0.4)
      activesupport (= 7.0.4)
      globalid (>= 0.6.0)
      nokogiri (>= 1.8.5)
    actionview (7.0.4)
      activesupport (= 7.0.4)
      builder (~> 3.1)
      erubi (~> 1.4)
      rails-dom-testing (~> 2.0)
      rails-html-sanitizer (~> 1.1, >= 1.2.0)
    active_interaction (4.1.0)
      activemodel (>= 5, < 8)
      activesupport (>= 5, < 8)
    activejob (7.0.4)
      activesupport (= 7.0.4)
      globalid (>= 0.3.6)
    activemodel (7.0.4)
      activesupport (= 7.0.4)
    activerecord (7.0.4)
      activemodel (= 7.0.4)
      activesupport (= 7.0.4)
    activerecord-postgres_enum (2.0.1)
      activerecord (>= 5.2)
      pg
    activestorage (7.0.4)
      actionpack (= 7.0.4)
      activejob (= 7.0.4)
      activerecord (= 7.0.4)
      activesupport (= 7.0.4)
      marcel (~> 1.0)
      mini_mime (>= 1.1.0)
    activesupport (7.0.4)
      concurrent-ruby (~> 1.0, >= 1.0.2)
      i18n (>= 1.6, < 2)
      minitest (>= 5.1)
      tzinfo (~> 2.0)
    addressable (2.8.1)
      public_suffix (>= 2.0.2, < 6.0)
    amazing_print (1.4.0)
    annotate (3.2.0)
      activerecord (>= 3.2, < 8.0)
      rake (>= 10.4, < 14.0)
    appsignal (3.1.4)
      rack
    ar_transaction_changes (1.1.8)
      activerecord (>= 5.2.0)
    ast (2.4.2)
    better_html (1.0.16)
      actionview (>= 4.0)
      activesupport (>= 4.0)
      ast (~> 2.0)
      erubi (~> 1.4)
      html_tokenizer (~> 0.0.6)
      parser (>= 2.4)
      smart_properties
    bootsnap (1.13.0)
      msgpack (~> 1.2)
    brakeman (5.3.1)
    builder (3.2.4)
    bullet (7.0.3)
      activesupport (>= 3.0.0)
      uniform_notifier (~> 1.11)
    bundler-audit (0.9.1)
      bundler (>= 1.2.0, < 3)
      thor (~> 1.0)
    capybara (3.37.1)
      addressable
      matrix
      mini_mime (>= 0.1.3)
      nokogiri (~> 1.8)
      rack (>= 1.6.0)
      rack-test (>= 0.6.3)
      regexp_parser (>= 1.5, < 3.0)
      xpath (~> 3.2)
    cityhash (0.9.0)
    code_analyzer (0.5.5)
      sexp_processor
    concurrent-ruby (1.1.10)
    crass (1.0.6)
    dalli (3.2.2)
    database_cleaner (2.0.1)
      database_cleaner-active_record (~> 2.0.0)
    database_cleaner-active_record (2.0.1)
      activerecord (>= 5.a)
      database_cleaner-core (~> 2.0.0)
    database_cleaner-core (2.0.1)
    debug (1.6.2)
      irb (>= 1.3.6)
      reline (>= 0.3.1)
    diff-lcs (1.5.0)
    digest (3.1.0)
    docile (1.4.0)
    email_spec (2.2.1)
      htmlentities (~> 4.3.3)
      launchy (~> 2.1)
      mail (~> 2.7)
    erubi (1.11.0)
    erubis (2.7.0)
    factory_bot (6.2.1)
      activesupport (>= 5.0.0)
    factory_bot_rails (6.2.0)
      factory_bot (~> 6.2.0)
      railties (>= 5.0.0)
    ffaker (2.21.0)
    globalid (1.0.0)
      activesupport (>= 5.0)
    highline (2.0.3)
    html_tokenizer (0.0.7)
    htmlentities (4.3.4)
    hypershield (0.2.2)
      activerecord (>= 5)
    i18n (1.12.0)
      concurrent-ruby (~> 1.0)
    i18n-tasks (1.0.11)
      activesupport (>= 4.0.2)
      ast (>= 2.1.0)
      better_html (~> 1.0)
      erubi
      highline (>= 2.0.0)
      i18n
      parser (>= 2.2.3.0)
      rails-i18n
      rainbow (>= 2.2.2, < 4.0)
      terminal-table (>= 1.5.1)
    identity_cache (1.2.0)
      activerecord (>= 5.2)
      ar_transaction_changes (~> 1.1)
    io-console (0.5.11)
    irb (1.4.1)
      reline (>= 0.3.0)
    json (2.6.2)
    launchy (2.5.0)
      addressable (~> 2.7)
    lefthook (1.1.1)
    loofah (2.19.0)
      crass (~> 1.0.2)
      nokogiri (>= 1.5.9)
    mail (2.7.1)
      mini_mime (>= 0.1.1)
    marcel (1.0.2)
    matrix (0.4.2)
    method_source (1.0.0)
    mini_mime (1.1.2)
    minitest (5.16.3)
    msgpack (1.5.6)
    net-imap (0.2.3)
      digest
      net-protocol
      strscan
    net-pop (0.1.1)
      digest
      net-protocol
      timeout
    net-protocol (0.1.3)
      timeout
    net-smtp (0.3.1)
      digest
      net-protocol
      timeout
    nio4r (2.5.8)
    nokogiri (1.13.8-x86_64-linux)
      racc (~> 1.4)
    online_migrations (0.5.1)
      activerecord (>= 4.2)
    parallel (1.22.1)
    parser (3.1.2.1)
      ast (~> 2.4.1)
    pg (1.4.3)
    public_suffix (5.0.0)
    puma (5.6.5)
      nio4r (~> 2.0)
    racc (1.6.0)
    rack (2.2.4)
    rack-attack (6.6.1)
      rack (>= 1.0, < 3)
    rack-test (2.0.2)
      rack (>= 1.3)
    rails (7.0.4)
      actioncable (= 7.0.4)
      actionmailbox (= 7.0.4)
      actionmailer (= 7.0.4)
      actionpack (= 7.0.4)
      actiontext (= 7.0.4)
      actionview (= 7.0.4)
      activejob (= 7.0.4)
      activemodel (= 7.0.4)
      activerecord (= 7.0.4)
      activestorage (= 7.0.4)
      activesupport (= 7.0.4)
      bundler (>= 1.15.0)
      railties (= 7.0.4)
    rails-dom-testing (2.0.3)
      activesupport (>= 4.2.0)
      nokogiri (>= 1.6)
    rails-html-sanitizer (1.4.3)
      loofah (~> 2.3)
    rails-i18n (7.0.5)
      i18n (>= 0.7, < 2)
      railties (>= 6.0.0, < 8)
    rails_best_practices (1.23.1)
      activesupport
      code_analyzer (~> 0.5.5)
      erubis
      i18n
      json
      require_all (~> 3.0)
      ruby-progressbar
    rails_semantic_logger (4.10.0)
      rack
      railties (>= 5.1)
      semantic_logger (~> 4.9)
    railties (7.0.4)
      actionpack (= 7.0.4)
      activesupport (= 7.0.4)
      method_source
      rake (>= 12.2)
      thor (~> 1.0)
      zeitwerk (~> 2.5)
    rainbow (3.1.1)
    rake (13.0.6)
    regexp_parser (2.5.0)
    reline (0.3.1)
      io-console (~> 0.5)
    require_all (3.0.0)
    rexml (3.2.5)
    rspec-core (3.11.0)
      rspec-support (~> 3.11.0)
    rspec-expectations (3.11.1)
      diff-lcs (>= 1.2.0, < 2.0)
      rspec-support (~> 3.11.0)
    rspec-mocks (3.11.1)
      diff-lcs (>= 1.2.0, < 2.0)
      rspec-support (~> 3.11.0)
    rspec-rails (5.1.2)
      actionpack (>= 5.2)
      activesupport (>= 5.2)
      railties (>= 5.2)
      rspec-core (~> 3.10)
      rspec-expectations (~> 3.10)
      rspec-mocks (~> 3.10)
      rspec-support (~> 3.10)
    rspec-support (3.11.1)
    rubocop (1.35.1)
      json (~> 2.3)
      parallel (~> 1.10)
      parser (>= 3.1.2.1)
      rainbow (>= 2.2.2, < 4.0)
      regexp_parser (>= 1.8, < 3.0)
      rexml (>= 3.2.5, < 4.0)
      rubocop-ast (>= 1.20.1, < 2.0)
      ruby-progressbar (~> 1.7)
      unicode-display_width (>= 1.4.0, < 3.0)
    rubocop-ast (1.21.0)
      parser (>= 3.1.1.0)
    rubocop-performance (1.14.3)
      rubocop (>= 1.7.0, < 2.0)
      rubocop-ast (>= 0.4.0)
    ruby-progressbar (1.11.0)
    semantic_logger (4.11.0)
      concurrent-ruby (~> 1.0)
    sexp_processor (4.16.1)
    shoulda-matchers (5.1.0)
      activesupport (>= 5.2.0)
    simplecov (0.21.2)
      docile (~> 1.1)
      simplecov-html (~> 0.11)
      simplecov_json_formatter (~> 0.1)
    simplecov-html (0.12.3)
    simplecov_json_formatter (0.1.4)
    smart_properties (1.17.0)
    standard (1.16.1)
      rubocop (= 1.35.1)
      rubocop-performance (= 1.14.3)
    strscan (3.0.4)
    terminal-table (3.0.2)
      unicode-display_width (>= 1.1.1, < 3)
    thor (1.2.1)
    timeout (0.3.0)
    tzinfo (2.0.5)
      concurrent-ruby (~> 1.0)
    unicode-display_width (2.3.0)
    uniform_notifier (1.16.0)
    websocket-driver (0.7.5)
      websocket-extensions (>= 0.1.0)
    websocket-extensions (0.1.5)
    xpath (3.2.0)
      nokogiri (~> 1.8)
    zeitwerk (2.6.0)

PLATFORMS
  x86_64-linux

DEPENDENCIES
  active_interaction (~> 4.1)
  activerecord-postgres_enum
  amazing_print
  annotate
  appsignal
  bootsnap
  brakeman
  bullet
  bundler-audit
  capybara
  cityhash
  dalli
  database_cleaner
  database_cleaner-active_record
  debug
  email_spec
  factory_bot_rails
  ffaker
  hypershield
  i18n-tasks
  identity_cache
  lefthook
  online_migrations
  pg (~> 1.1)
  puma (~> 5.0)
  rack-attack
  rails (~> 7.0.4)
  rails-i18n
  rails_best_practices
  rails_semantic_logger
  rspec-rails
  shoulda-matchers
  simplecov
  standard
  tzinfo-data

RUBY VERSION
   ruby 3.1.2p20

BUNDLED WITH
   2.3.22
